GEM
  remote: http://rubygems.org/
  specs:
    actionmailer (2.3.18)
      actionpack (= 2.3.18)
    actionpack (2.3.18)
      activesupport (= 2.3.18)
      rack (~> 1.1.0)
    activerecord (2.3.18)
      activesupport (= 2.3.18)
    activeresource (2.3.18)
      activesupport (= 2.3.18)
    activesupport (2.3.18)
    hoe (3.7.4)
      rake (>= 0.8, < 11.0)
    hpricot (0.8.6)
    rack (1.1.6)
    rails (2.3.18)
      actionmailer (= 2.3.18)
      actionpack (= 2.3.18)
      activerecord (= 2.3.18)
      activeresource (= 2.3.18)
      activesupport (= 2.3.18)
      rake (>= 0.8.3)
    rake (10.1.1)
    rspec (1.3.2)
    rspec-rails (1.3.2)
      rack (>= 1.0.0)
      rspec (>= 1.3.0)
    sqlite3-ruby (1.3.2)
    webrat (0.2.0)
      hoe (>= 1.5.1)
      hpricot (>= 0.6)

PLATFORMS
  ruby

DEPENDENCIES
  rails (= 2.3.18)
  rspec (= 1.3.2)
  rspec-rails (= 1.3.2)
  sqlite3-ruby (= 1.3.2)
  webrat (= 0.2.0)
